PATH
  remote: .
  specs:
    navvy (0.3.2)

GEM
  remote: http://rubygems.org/
  specs:
    activemodel (3.2.12)
      activesupport (= 3.2.12)
      builder (~> 3.0.0)
    activerecord (3.2.12)
      activemodel (= 3.2.12)
      activesupport (= 3.2.12)
      arel (~> 3.0.2)
      tzinfo (~> 0.3.29)
    activesupport (3.2.12)
      i18n (~> 0.6)
      multi_json (~> 1.0)
    addressable (2.2.8)
    arel (3.0.2)
    bson (1.8.3)
    bson_ext (1.8.3)
      bson (~> 1.8.3)
    builder (3.0.4)
    data_objects (0.10.12)
      addressable (~> 2.1)
    diff-lcs (1.2.1)
    dm-core (1.2.0)
      addressable (~> 2.2.6)
    dm-do-adapter (1.2.0)
      data_objects (~> 0.10.6)
      dm-core (~> 1.2.0)
    dm-migrations (1.2.0)
      dm-core (~> 1.2.0)
    dm-sqlite-adapter (1.2.0)
      dm-do-adapter (~> 1.2.0)
      do_sqlite3 (~> 0.10.6)
    do_sqlite3 (0.10.12)
      data_objects (= 0.10.12)
    fuubar (0.0.6)
      rspec (~> 2.0)
      rspec-instafail (~> 0.1.8)
      ruby-progressbar (~> 0.0.10)
    i18n (0.6.4)
    mongo (1.8.3)
      bson (~> 1.8.3)
    mongo_mapper (0.12.0)
      activemodel (~> 3.0)
      activesupport (~> 3.0)
      plucky (~> 0.5.2)
    mongoid (3.1.2)
      activemodel (~> 3.2)
      moped (~> 1.4.2)
      origin (~> 1.0)
      tzinfo (~> 0.3.22)
    moped (1.4.3)
    multi_json (1.6.1)
    origin (1.0.11)
    plucky (0.5.2)
      mongo (~> 1.5)
    rake (10.0.3)
    rspec (2.13.0)
      rspec-core (~> 2.13.0)
      rspec-expectations (~> 2.13.0)
      rspec-mocks (~> 2.13.0)
    rspec-core (2.13.1)
    rspec-expectations (2.13.0)
      diff-lcs (>= 1.1.3, < 2.0)
    rspec-instafail (0.1.9)
    rspec-mocks (2.13.0)
    ruby-progressbar (0.0.10)
    sequel (3.45.0)
    sqlite3 (1.3.7)
    sqlite3-ruby (1.3.3)
      sqlite3 (>= 1.3.3)
    timecop (0.6.1)
    tzinfo (0.3.37)
    yard (0.8.5.2)

PLATFORMS
  ruby

DEPENDENCIES
  activerecord (~> 3.2.12)
  bson_ext
  builder
  dm-core (~> 1.0)
  dm-migrations
  dm-sqlite-adapter
  fuubar (~> 0.0)
  mongo_mapper (~> 0.7)
  mongoid (>= 2.0.beta)
  navvy!
  rake
  rspec (~> 2.0)
  sequel (~> 3.0)
  sqlite3-ruby
  timecop (>= 0.3.5)
  tzinfo
  yard (>= 0.5.2)
